PATH
  remote: .
  specs:
    kittastrophe (0.1.0)
      curb (~> 0.9.6)

GEM
  remote: https://rubygems.org/
  specs:
    curb (0.9.6)
    diff-lcs (1.3)
    rake (10.5.0)
    rspec (3.7.0)
      rspec-core (~> 3.7.0)
      rspec-expectations (~> 3.7.0)
      rspec-mocks (~> 3.7.0)
    rspec-core (3.7.1)
      rspec-support (~> 3.7.0)
    rspec-expectations (3.7.0)
      diff-lcs (>= 1.2.0, < 2.0)
      rspec-support (~> 3.7.0)
    rspec-mocks (3.7.0)
      diff-lcs (>= 1.2.0, < 2.0)
      rspec-support (~> 3.7.0)
    rspec-support (3.7.1)

PLATFORMS
  ruby

DEPENDENCIES
  bundler (~> 1.16)
  kittastrophe!
  rake (~> 10.0)
  rspec (~> 3.0)

BUNDLED WITH
   1.16.2
